PATH
  remote: .
  specs:
    appsec_flow_import (0.1.0)

GEM
  remote: https://rubygems.org/
  specs:
    binding.repl (3.0.0)
    cd (1.0.1)
    clipboard (1.3.4)
    code (0.9.2)
      coderay (~> 1.1)
      method_source (~> 0.9)
    coderay (1.1.2)
    debugging (1.1.1)
      binding.repl (~> 3.0)
      paint (>= 0.9, < 3.0)
    diff-lcs (1.3)
    every_day_irb (2.1.0)
      cd (~> 1.0)
    fancy_irb (1.2.1)
      paint (>= 0.9, < 3.0)
      unicode-display_width (~> 1.1)
    faraday (0.13.1)
      multipart-post (>= 1.2, < 3)
    ffi (1.12.2)
    hirb (0.7.3)
    interactive_editor (0.0.11)
      spoon (>= 0.0.1)
    io-console (0.5.6)
    irb (1.2.4)
      reline (>= 0.0.1)
    irbtools (3.0.2)
      binding.repl (~> 3.0)
      clipboard (~> 1.3)
      code (>= 0.9.2, < 2.0)
      coderay (~> 1.1)
      debugging (~> 1.1)
      every_day_irb (~> 2.0)
      fancy_irb (~> 1.2, >= 1.2.1)
      hirb (~> 0.7, >= 0.7.3)
      interactive_editor (~> 0.0, >= 0.0.10)
      irb (>= 0.9.6)
      methodfinder (~> 2.2)
      object_shadow (~> 1.1)
      ori (~> 0.1.0)
      os
      paint (>= 0.9, < 3.0)
      ruby_engine (~> 1.0)
      ruby_info (~> 1.0)
      ruby_version (~> 1.0)
      wirb (~> 2.0, >= 2.2.1)
    method_source (0.9.2)
    methodfinder (2.2.1)
    multipart-post (2.1.1)
    object_shadow (1.1.0)
    ori (0.1.0)
    os (1.1.0)
    paint (2.2.0)
    rake (12.3.2)
    reline (0.1.4)
      io-console (~> 0.5)
    rspec (3.8.0)
      rspec-core (~> 3.8.0)
      rspec-expectations (~> 3.8.0)
      rspec-mocks (~> 3.8.0)
    rspec-core (3.8.2)
      rspec-support (~> 3.8.0)
    rspec-expectations (3.8.6)
      diff-lcs (>= 1.2.0, < 2.0)
      rspec-support (~> 3.8.0)
    rspec-mocks (3.8.2)
      diff-lcs (>= 1.2.0, < 2.0)
      rspec-support (~> 3.8.0)
    rspec-support (3.8.3)
    ruby_engine (1.0.1)
    ruby_info (1.0.1)
    ruby_version (1.0.2)
    spoon (0.0.6)
      ffi
    unicode-display_width (1.7.0)
    wirb (2.2.1)
      paint (>= 0.9, < 3.0)

PLATFORMS
  ruby

DEPENDENCIES
  appsec_flow_import!
  faraday
  irbtools
  rake (~> 12.0)
  rspec (~> 3.0)

BUNDLED WITH
   2.1.4
